NUGET
  remote: https://www.nuget.org/api/v2
  specs:
    FAKE (4.21.4)
    FSharp.Compiler.Service (2.0.0.6)
    FSharp.Core (3.0.2)
    FSharp.Formatting (2.14.0)
      FSharp.Compiler.Service (>= 2.0.0.3 < 2.1.0)
      FSharpVSPowerTools.Core (>= 2.3.0 < 2.4.0)
    FSharpVSPowerTools.Core (2.3.0)
      FSharp.Compiler.Service (>= 2.0.0.3)
    Newtonsoft.Json (6.0.8) - framework: >= net40
    NuGet.CommandLine (3.3.0)
    Selenium.Support (2.52.0) - framework: >= net40
      Selenium.WebDriver (>= 2.52.0)
    Selenium.WebDriver (2.52.0)
    SizSelCsZzz (0.3.36) - framework: >= net40
      Newtonsoft.Json (>= 6.0)
      Selenium.Support (>= 2.40)
      Selenium.WebDriver (>= 2.40)
